PATH
  remote: .
  specs:
    todo_console_app (0.1.0)

GEM
  remote: https://rubygems.org/
  specs:
    database_cleaner (1.7.0)
    diff-lcs (1.3)
    rake (10.5.0)
    rspec (3.8.0)
      rspec-core (~> 3.8.0)
      rspec-expectations (~> 3.8.0)
      rspec-mocks (~> 3.8.0)
    rspec-core (3.8.0)
      rspec-support (~> 3.8.0)
    rspec-expectations (3.8.2)
      diff-lcs (>= 1.2.0, < 2.0)
      rspec-support (~> 3.8.0)
    rspec-mocks (3.8.0)
      diff-lcs (>= 1.2.0, < 2.0)
      rspec-support (~> 3.8.0)
    rspec-support (3.8.0)
    sequel (5.18.0)
    sqlite3 (1.4.0)

PLATFORMS
  ruby
  x64-mingw32

DEPENDENCIES
  bundler (~> 1.17)
  database_cleaner
  rake (~> 10.0)
  rspec (~> 3.0)
  sequel
  sqlite3
  todo_console_app!

BUNDLED WITH
   1.17.2
